GIT
  remote: https://github.com/ets-berkeley-edu/jruby-activemq.git
  revision: 26cf938f9d52c269fdd9f73488b9e98a37dc317b
  specs:
    jruby-activemq (5.13.0-java)

GIT
  remote: https://github.com/ets-berkeley-edu/omniauth-cas.git
  revision: 8a1b257f952013a9907ee85a6a143e39034a73c0
  specs:
    omniauth-cas (1.1.0)
      addressable (~> 2.7.0)
      nokogiri (~> 1.10.8)
      omniauth (~> 1.9.0)

GIT
  remote: https://github.com/instructure/ims-lti.git
  revision: 016adac413022a451f722b25fb6574cc4f9899ae
  specs:
    ims-lti (1.1.8)
      builder
      oauth (~> 0.4.5)

GIT
  remote: https://github.com/sj26/rspec_junit_formatter.git
  revision: 3738c28ed77877a14edf1fda429243e188797a64
  specs:
    rspec_junit_formatter (0.4.1)
      rspec-core (>= 2, < 4, != 2.12.0)

GEM
  remote: https://rubygems.org/
  specs:
    actioncable (5.0.7.2)
      actionpack (= 5.0.7.2)
      nio4r (>= 1.2, < 3.0)
      websocket-driver (~> 0.6.1)
    actionmailer (5.0.7.2)
      actionpack (= 5.0.7.2)
      actionview (= 5.0.7.2)
      activejob (= 5.0.7.2)
      mail (~> 2.5, >= 2.5.4)
      rails-dom-testing (~> 2.0)
    actionpack (5.0.7.2)
      actionview (= 5.0.7.2)
      activesupport (= 5.0.7.2)
      rack (~> 2.0)
      rack-test (~> 0.6.3)
      rails-dom-testing (~> 2.0)
      rails-html-sanitizer (~> 1.0, >= 1.0.2)
    actionpack-action_caching (1.2.1)
      actionpack (>= 4.0.0)
    actionpack-page_caching (1.1.1)
      actionpack (>= 4.0.0, < 6)
    actionpack-xml_parser (1.0.1)
      actionpack (>= 4.0.0.rc1)
    actionview (5.0.7.2)
      activesupport (= 5.0.7.2)
      builder (~> 3.1)
      erubis (~> 2.7.0)
      rails-dom-testing (~> 2.0)
      rails-html-sanitizer (~> 1.0, >= 1.0.3)
    actionview-encoded_mail_to (1.0.5)
      rails
    active_attr (0.15.0)
      actionpack (>= 3.0.2, < 6.1)
      activemodel (>= 3.0.2, < 6.1)
      activesupport (>= 3.0.2, < 6.1)
    activejob (5.0.7.2)
      activesupport (= 5.0.7.2)
      globalid (>= 0.3.6)
    activemodel (5.0.7.2)
      activesupport (= 5.0.7.2)
    activemodel-serializers-xml (1.0.2)
      activemodel (> 5.x)
      activesupport (> 5.x)
      builder (~> 3.1)
    activerecord (5.0.7.2)
      activemodel (= 5.0.7.2)
      activesupport (= 5.0.7.2)
      arel (~> 7.0)
    activerecord-jdbc-adapter (50.7-java)
      activerecord (~> 5.0.0, >= 5.0.3)
    activerecord-jdbcpostgresql-adapter (50.7-java)
      activerecord-jdbc-adapter (= 50.7)
      jdbc-postgres (>= 9.4, < 43)
    activerecord-jdbcsqlite3-adapter (50.7-java)
      activerecord-jdbc-adapter (= 50.7)
      jdbc-sqlite3 (~> 3.8, < 3.30)
    activerecord-oracle_enhanced-adapter (1.7.11)
      activerecord (~> 5.0.0)
      arel (~> 7.1.4)
      ruby-plsql (>= 0.5.0)
    activerecord-session_store (1.1.0)
      actionpack (>= 4.0, < 5.2)
      activerecord (>= 4.0, < 5.2)
      multi_json (~> 1.11, >= 1.11.2)
      rack (>= 1.5.2, < 3)
      railties (>= 4.0, < 5.2)
    activesupport (5.0.7.2)
      concurrent-ruby (~> 1.0, >= 1.0.2)
      i18n (>= 0.7, < 2)
      minitest (~> 5.1)
      tzinfo (~> 1.1)
    addressable (2.7.0)
      public_suffix (>= 2.0.2, < 5.0)
    ansi (1.4.3)
    arel (7.1.4)
    autoprefixer-rails (9.5.1)
      execjs
    aws-partitions (1.72.0)
    aws-sdk-core (3.17.1)
      aws-partitions (~> 1.0)
      aws-sigv4 (~> 1.0)
      jmespath (~> 1.0)
    aws-sdk-kms (1.5.0)
      aws-sdk-core (~> 3)
      aws-sigv4 (~> 1.0)
    aws-sdk-s3 (1.8.2)
      aws-sdk-core (~> 3)
      aws-sdk-kms (~> 1)
      aws-sigv4 (~> 1.0)
    aws-sigv4 (1.0.2)
    bootstrap-sass (3.4.1)
      autoprefixer-rails (>= 5.2.1)
      sassc (>= 2.0.0)
    builder (3.2.4)
    capistrano (2.15.5)
      highline
      net-scp (>= 1.0.0)
      net-sftp (>= 2.0.0)
      net-ssh (>= 2.0.14)
      net-ssh-gateway (>= 1.1.0)
    capybara (2.7.1)
      addressable
      mime-types (>= 1.16)
      nokogiri (>= 1.3.3)
      rack (>= 1.0.0)
      rack-test (>= 0.5.4)
      xpath (~> 2.0)
    celluloid (0.16.0)
      timers (~> 4.0.0)
    childprocess (3.0.0)
    closure-compiler (1.1.11)
    coderay (1.1.0)
    columnize (0.3.6)
    concurrent-ruby (1.1.7)
    crack (0.4.2)
      safe_yaml (~> 1.0.0)
    crass (1.0.6)
    dalli (2.7.2)
    data_magic (1.2)
      faker (>= 1.1.2)
      yml_reader (>= 0.6)
    declarative (0.0.20)
    declarative-option (0.1.0)
    diff-lcs (1.4.4)
    docile (1.1.5)
    em-websocket (0.5.1)
      eventmachine (>= 0.12.9)
      http_parser.rb (~> 0.6.0)
    erubis (2.7.0)
    eventmachine (1.0.3-java)
    execjs (2.2.1)
    faker (2.2.1)
      i18n (>= 0.8)
    faraday (0.9.2)
      multipart-post (>= 1.2, < 3)
    faraday_middleware (0.9.1)
      faraday (>= 0.7.4, < 0.10)
    ffi (1.13.1-java)
    formatador (0.2.5)
    globalid (0.4.2)
      activesupport (>= 4.2.0)
    google-api-client (0.32.1)
      addressable (~> 2.5, >= 2.5.1)
      googleauth (>= 0.5, < 0.10.0)
      httpclient (>= 2.8.1, < 3.0)
      mini_mime (~> 1.0)
      representable (~> 3.0)
      retriable (>= 2.0, < 4.0)
      signet (~> 0.10)
    google_drive (3.0.5)
      google-api-client (>= 0.11.0, < 1.0.0)
      googleauth (>= 0.5.0, < 1.0.0)
      nokogiri (>= 1.5.3, < 2.0.0)
    googleauth (0.5.1)
      faraday (~> 0.9)
      jwt (~> 1.4)
      logging (~> 2.0)
      memoist (~> 0.12)
      multi_json (~> 1.11)
      os (~> 0.9)
      signet (~> 0.7)
    guard (2.8.2)
      formatador (>= 0.2.4)
      listen (~> 2.7)
      lumberjack (~> 1.0)
      pry (>= 0.9.12)
      thor (>= 0.18.1)
    guard-livereload (2.4.0)
      em-websocket (~> 0.5)
      guard (~> 2.8)
      multi_json (~> 1.8)
    haml (5.1.2)
      temple (>= 0.8.0)
      tilt
    hashie (3.6.0)
    headless (1.0.2)
    highline (1.6.21)
    hitimes (1.2.2-java)
    http_parser.rb (0.6.0-java)
    httparty (0.13.3)
      json (~> 1.8)
      multi_xml (>= 0.5.2)
    httpclient (2.8.3)
    i18n (1.8.5)
      concurrent-ruby (~> 1.0)
    icalendar (2.2.2)
    jdbc-postgres (42.2.14)
    jdbc-sqlite3 (3.28.0)
    jmespath (1.3.1)
    jquery-rails (4.4.0)
      rails-dom-testing (>= 1, < 3)
      railties (>= 4.2.0)
      thor (>= 0.14, < 2.0)
    jquery-ui-rails (6.0.1)
      railties (>= 3.2.16)
    jruby-jars (9.2.0.0)
    jruby-openssl (0.9.19-java)
    jruby-rack (1.1.21)
    json (1.8.6-java)
    jwt (1.5.6)
    kaminari (1.2.1)
      activesupport (>= 4.1.0)
      kaminari-actionview (= 1.2.1)
      kaminari-activerecord (= 1.2.1)
      kaminari-core (= 1.2.1)
    kaminari-actionview (1.2.1)
      actionview
      kaminari-core (= 1.2.1)
    kaminari-activerecord (1.2.1)
      activerecord
      kaminari-core (= 1.2.1)
    kaminari-core (1.2.1)
    linecache (0.46-java)
    link_header (0.0.8)
    listen (2.8.1)
      celluloid (>= 0.15.2)
      rb-fsevent (>= 0.9.3)
      rb-inotify (>= 0.9)
    little-plugger (1.1.4)
    log4r (1.1.10)
    logging (2.3.0)
      little-plugger (~> 1.1)
      multi_json (~> 1.14)
    loofah (2.6.0)
      crass (~> 1.0.2)
      nokogiri (>= 1.5.9)
    lumberjack (1.0.9)
    mail (2.7.1)
      mini_mime (>= 0.1.1)
    memoist (0.16.2)
    method_source (0.8.2)
    mime-types (3.3.1)
      mime-types-data (~> 3.2015)
    mime-types-data (3.2020.0512)
    mini_mime (1.0.2)
    minitest (5.14.1)
    minitest-reporters (1.0.8)
      ansi
      builder
      minitest (>= 5.0)
      ruby-progressbar
    multi_json (1.15.0)
    multi_xml (0.5.5)
    multipart-post (2.1.1)
    nested_form (0.3.2)
    net-ldap (0.16.1)
    net-scp (1.1.2)
      net-ssh (>= 2.6.5)
    net-sftp (2.1.2)
      net-ssh (>= 2.6.5)
    net-ssh (2.9.2)
    net-ssh-gateway (1.2.0)
      net-ssh (>= 2.6.5)
    net-telnet (0.2.0)
    nio4r (2.5.2-java)
    nokogiri (1.10.10-java)
    oauth (0.4.7)
    omniauth (1.9.1)
      hashie (>= 3.4.6)
      rack (>= 1.6.2, < 3)
    os (0.9.6)
    page-object (2.2.6)
      page_navigation (>= 0.10)
      selenium-webdriver (~> 3.0)
      watir (~> 6.8)
    page_navigation (0.10)
      data_magic (>= 0.22)
    power_assert (1.1.4)
    pry (0.10.1-java)
      coderay (~> 1.1.0)
      method_source (~> 0.8.1)
      slop (~> 3.4)
      spoon (~> 0.0)
    public_suffix (4.0.5)
    puma (3.12.6-java)
    pundit (0.3.0)
      activesupport (>= 3.0.0)
    rack (2.2.3)
    rack-pjax (1.1.0)
      nokogiri (~> 1.5)
      rack (>= 1.1)
    rack-test (0.6.3)
      rack (>= 1.0)
    rails (5.0.7.2)
      actioncable (= 5.0.7.2)
      actionmailer (= 5.0.7.2)
      actionpack (= 5.0.7.2)
      actionview (= 5.0.7.2)
      activejob (= 5.0.7.2)
      activemodel (= 5.0.7.2)
      activerecord (= 5.0.7.2)
      activesupport (= 5.0.7.2)
      bundler (>= 1.3.0)
      railties (= 5.0.7.2)
      sprockets-rails (>= 2.0.0)
    rails-dom-testing (2.0.3)
      activesupport (>= 4.2.0)
      nokogiri (>= 1.6)
    rails-html-sanitizer (1.3.0)
      loofah (~> 2.3)
    rails-observers (0.1.5)
      activemodel (>= 4.0)
    rails_admin (2.0.2)
      activemodel-serializers-xml (>= 1.0)
      builder (~> 3.1)
      haml (>= 4.0, < 6)
      jquery-rails (>= 3.0, < 5)
      jquery-ui-rails (>= 5.0, < 7)
      kaminari (>= 0.14, < 2.0)
      nested_form (~> 0.3)
      rack-pjax (>= 0.7)
      rails (>= 5.0, < 7)
      remotipart (~> 1.3)
      sassc-rails (>= 1.3, < 3)
    railties (5.0.7.2)
      actionpack (= 5.0.7.2)
      activesupport (= 5.0.7.2)
      method_source
      rake (>= 0.8.7)
      thor (>= 0.18.1, < 2.0)
    rake (12.3.3)
    rb-fsevent (0.9.4)
    rb-inotify (0.9.5)
      ffi (>= 0.5.0)
    regexp_parser (1.7.1)
    remotipart (1.4.4)
    representable (3.0.4)
      declarative (< 0.1.0)
      declarative-option (< 0.2.0)
      uber (< 0.2.0)
    responders (2.4.0)
      actionpack (>= 4.2.0, < 5.3)
      railties (>= 4.2.0, < 5.3)
    retriable (2.1.0)
    rspec-collection_matchers (1.2.0)
      rspec-expectations (>= 2.99.0.beta1)
    rspec-core (3.9.2)
      rspec-support (~> 3.9.3)
    rspec-expectations (3.9.2)
      diff-lcs (>= 1.2.0, < 2.0)
      rspec-support (~> 3.9.0)
    rspec-its (1.1.0)
      rspec-core (>= 3.0.0)
      rspec-expectations (>= 3.0.0)
    rspec-mocks (3.9.1)
      diff-lcs (>= 1.2.0, < 2.0)
      rspec-support (~> 3.9.0)
    rspec-rails (4.0.1)
      actionpack (>= 4.2)
      activesupport (>= 4.2)
      railties (>= 4.2)
      rspec-core (~> 3.9)
      rspec-expectations (~> 3.9)
      rspec-mocks (~> 3.9)
      rspec-support (~> 3.9)
    rspec-support (3.9.3)
    ruby-debug (0.10.5.rc9)
      columnize (>= 0.1)
      ruby-debug-base (~> 0.10.5.rc9.0)
    ruby-debug-base (0.10.5.rc9-java)
      linecache (~> 0.46)
    ruby-debug-ide (0.6.0)
      rake (>= 0.8.1)
    ruby-plsql (0.7.1)
    ruby-progressbar (1.7.0)
    rubyzip (1.3.0)
    rvm-capistrano (1.3.4)
      capistrano (>= 2.0.0)
    safe_yaml (1.0.4)
    sassc (2.0.1)
      ffi (~> 1.9)
      rake
    sassc-rails (2.1.2)
      railties (>= 4.0.0)
      sassc (>= 2.0)
      sprockets (> 3.0)
      sprockets-rails
      tilt
    secure_headers (5.0.5)
      useragent (>= 0.15.0)
    selenium-webdriver (3.142.7)
      childprocess (>= 0.5, < 4.0)
      rubyzip (>= 1.2.2)
    signet (0.10.0)
      addressable (~> 2.3)
      faraday (~> 0.9)
      jwt (>= 1.5, < 3.0)
      multi_json (~> 1.10)
    simplecov (0.14.1)
      docile (~> 1.1.0)
      json (>= 1.8, < 3)
      simplecov-html (~> 0.10.0)
    simplecov-html (0.10.2)
    slop (3.6.0)
    spoon (0.0.6)
      ffi
    sprockets (4.0.2)
      concurrent-ruby (~> 1.0)
      rack (> 1, < 3)
    sprockets-rails (3.2.1)
      actionpack (>= 4.0)
      activesupport (>= 4.0)
      sprockets (>= 3.0.0)
    temple (0.8.2)
    test-unit (3.3.2)
      power_assert
    thor (1.0.1)
    thread_safe (0.3.6-java)
    tilt (2.0.10)
    timers (4.0.1)
      hitimes
    tzinfo (1.2.7)
      thread_safe (~> 0.1)
    uber (0.1.0)
    useragent (0.16.10)
    warbler (2.0.5)
      jruby-jars (>= 9.0.0.0)
      jruby-rack (>= 1.1.1, < 1.3)
      rake (>= 10.1.0)
      rubyzip (~> 1.0, < 1.4)
    watir (6.16.5)
      regexp_parser (~> 1.2)
      selenium-webdriver (~> 3.6)
    webmock (1.20.4)
      addressable (>= 2.3.6)
      crack (>= 0.3.2)
    websocket-driver (0.6.5-java)
      websocket-extensions (>= 0.1.0)
    websocket-extensions (0.1.5)
    xpath (2.0.0)
      nokogiri (~> 1.3)
    yml_reader (0.7)

PLATFORMS
  java

DEPENDENCIES
  actionpack-action_caching (~> 1.2.1)
  actionpack-page_caching (~> 1.1.1)
  actionpack-xml_parser (~> 1.0.1)
  actionview-encoded_mail_to (~> 1.0.5)
  active_attr (~> 0.15.0)
  activerecord-jdbc-adapter (~> 50.7)
  activerecord-jdbcpostgresql-adapter (~> 50.7)
  activerecord-jdbcsqlite3-adapter (~> 50.7)
  activerecord-oracle_enhanced-adapter (~> 1.7.11)
  activerecord-session_store (~> 1.1.0)
  aws-sdk-s3 (~> 1.8.2)
  bootstrap-sass (~> 3.4.1)
  capistrano (~> 2.15.4)
  capybara (~> 2.7.1)
  closure-compiler (~> 1.1.11)
  concurrent-ruby (~> 1.0)
  dalli (~> 2.7.2)
  faraday (~> 0.9.0)
  faraday_middleware (~> 0.9.1)
  google-api-client (= 0.32.1)
  google_drive (~> 3.0.5)
  guard-livereload (~> 2.4.0)
  headless (~> 1.0.2)
  httparty (~> 0.13.3)
  icalendar (~> 2.2.2)
  ims-lti!
  jruby-activemq (~> 5.13.0)!
  jruby-jars (= 9.2.0.0)
  jruby-openssl (= 0.9.19)
  json (~> 1.8.0)
  kaminari (~> 1.2.1)
  link_header (~> 0.0.7)
  log4r (~> 1.1)
  minitest-reporters (~> 1.0.8)
  net-ldap (~> 0.16.0)
  net-ssh (~> 2.9.2)
  net-telnet (~> 0.2.0)
  nokogiri (~> 1.10.8)
  omniauth-cas (~> 1.1.0)!
  page-object (~> 2.2.6)
  puma (~> 3.12.6)
  pundit (~> 0.3.0)
  rack (~> 2.2.3)
  rails (= 5.0.7.2)
  rails-observers (~> 0.1.2)
  rails_admin (= 2.0.2)
  rake (~> 12.3.3)
  responders (~> 2.0)
  retriable (~> 2.0)
  rspec-collection_matchers (~> 1.2.0)
  rspec-core (~> 3.9.2)
  rspec-its (~> 1.1.0)
  rspec-mocks (~> 3.9.1)
  rspec-rails (~> 4.0.1)
  rspec-support (~> 3.9.3)
  rspec_junit_formatter!
  ruby-debug (>= 0.10.5.rc9)
  ruby-debug-ide (~> 0.6.0)
  rubyzip (~> 1.3.0)
  rvm-capistrano (~> 1.3.1)
  secure_headers (~> 5.0.5)
  selenium-webdriver (~> 3.142.7)
  signet (~> 0.10.0)
  simplecov (~> 0.14.0)
  simplecov-html (~> 0.10.0)
  test-unit
  warbler (~> 2.0.5)
  webmock (~> 1.20.4)

BUNDLED WITH
   1.17.3
